GEM
  remote: http://rubygems.org/
  specs:
    liquid (3.0.6)

PLATFORMS
  x86_64-linux

DEPENDENCIES
  liquid (~> 3.0, >= 3.0.6)

BUNDLED WITH
   2.4.8
